PATH
  remote: .
  specs:
    dalli (2.7.11)

GEM
  remote: https://rubygems.org/
  specs:
    appraisal (2.5.0)
      bundler
      rake
      thor (>= 0.14.0)
    connection_pool (2.4.1)
    docile (1.4.0)
    kgio (2.11.4)
    minitest (5.22.3)
    mocha (2.1.0)
      ruby2_keywords (>= 0.0.5)
    rack (2.2.11)
    rake (13.2.1)
    ruby2_keywords (0.0.5)
    simplecov (0.22.0)
      docile (~> 1.1)
      simplecov-html (~> 0.11)
      simplecov_json_formatter (~> 0.1)
    simplecov-html (0.12.3)
    simplecov_json_formatter (0.1.4)
    thor (1.3.1)

PLATFORMS
  arm64-darwin-23
  ruby

DEPENDENCIES
  appraisal
  connection_pool
  dalli!
  kgio
  minitest
  mocha
  rack (~> 2.2)
  rake
  simplecov

BUNDLED WITH
   2.5.6
